GEM
  remote: https://rubygems.org/
  specs:
    colorize (0.7.5)
    commander (4.2.1)
      highline (~> 1.6.11)
    highline (1.6.21)
    minitest (5.5.0)
    net-scp (1.2.1)
      net-ssh (>= 2.6.5)
    net-ssh (2.9.1)
    rake (10.4.2)
    safe_yaml (1.0.4)
    thor (0.19.1)

PLATFORMS
  ruby

DEPENDENCIES
  colorize
  commander
  highline
  minitest
  net-scp
  rake
  safe_yaml
  thor
