PATH
  remote: .
  specs:
    aka2 (0.1.10)
      thor (~> 0.19.1)

GEM
  remote: https://rubygems.org/
  specs:
    minitest (5.8.1)
    rake (10.4.2)
    thor (0.19.1)

PLATFORMS
  ruby

DEPENDENCIES
  aka2!
  bundler (~> 1.10)
  minitest (~> 5.7)
  rake (~> 10.0)

BUNDLED WITH
   1.10.6
